GIT
  remote: https://github.com/bdewater/fido_metadata
  revision: fcc1fc1a92f9b0eda5900485d773336494b2c1c6
  branch: main
  specs:
    fido_metadata (0.3.0)
      jwt (~> 2.0)

GEM
  remote: https://rubygems.org/
  specs:
    actioncable (8.0.1)
      actionpack (= 8.0.1)
      activesupport (= 8.0.1)
      nio4r (~> 2.0)
      websocket-driver (>= 0.6.1)
      zeitwerk (~> 2.6)
    actionmailbox (8.0.1)
      actionpack (= 8.0.1)
      activejob (= 8.0.1)
      activerecord (= 8.0.1)
      activestorage (= 8.0.1)
      activesupport (= 8.0.1)
      mail (>= 2.8.0)
    actionmailer (8.0.1)
      actionpack (= 8.0.1)
      actionview (= 8.0.1)
      activejob (= 8.0.1)
      activesupport (= 8.0.1)
      mail (>= 2.8.0)
      rails-dom-testing (~> 2.2)
    actionpack (8.0.1)
      actionview (= 8.0.1)
      activesupport (= 8.0.1)
      nokogiri (>= 1.8.5)
      rack (>= 2.2.4)
      rack-session (>= 1.0.1)
      rack-test (>= 0.6.3)
      rails-dom-testing (~> 2.2)
      rails-html-sanitizer (~> 1.6)
      useragent (~> 0.16)
    actiontext (8.0.1)
      actionpack (= 8.0.1)
      activerecord (= 8.0.1)
      activestorage (= 8.0.1)
      activesupport (= 8.0.1)
      globalid (>= 0.6.0)
      nokogiri (>= 1.8.5)
    actionview (8.0.1)
      activesupport (= 8.0.1)
      builder (~> 3.1)
      erubi (~> 1.11)
      rails-dom-testing (~> 2.2)
      rails-html-sanitizer (~> 1.6)
    activejob (8.0.1)
      activesupport (= 8.0.1)
      globalid (>= 0.3.6)
    activemodel (8.0.1)
      activesupport (= 8.0.1)
    activerecord (8.0.1)
      activemodel (= 8.0.1)
      activesupport (= 8.0.1)
      timeout (>= 0.4.0)
    activerecord-session_store (2.1.0)
      actionpack (>= 6.1)
      activerecord (>= 6.1)
      cgi (>= 0.3.6)
      multi_json (~> 1.11, >= 1.11.2)
      rack (>= 2.0.8, < 4)
      railties (>= 6.1)
    activestorage (8.0.1)
      actionpack (= 8.0.1)
      activejob (= 8.0.1)
      activerecord (= 8.0.1)
      activesupport (= 8.0.1)
      marcel (~> 1.0)
    activesupport (8.0.1)
      base64
      benchmark (>= 0.3)
      bigdecimal
      concurrent-ruby (~> 1.0, >= 1.3.1)
      connection_pool (>= 2.2.5)
      drb
      i18n (>= 1.6, < 2)
      logger (>= 1.4.2)
      minitest (>= 5.1)
      securerandom (>= 0.3)
      tzinfo (~> 2.0, >= 2.0.5)
      uri (>= 0.13.1)
    addressable (2.8.7)
      public_suffix (>= 2.0.2, < 7.0)
    aes_key_wrap (1.1.0)
    android_key_attestation (0.3.0)
    anyway_config (2.6.4)
      ruby-next-core (~> 1.0)
    apollo_upload_server (2.1.6)
      actionpack (>= 6.1.6)
      graphql (>= 1.8)
    ast (2.4.2)
    attr_required (1.0.2)
    base64 (0.2.0)
    bcrypt (3.1.20)
    benchmark (0.4.0)
    bigdecimal (3.1.8)
    bindata (2.5.0)
    bindex (0.8.1)
    bootsnap (1.18.4)
      msgpack (~> 1.2)
    brakeman (6.2.2)
      racc
    builder (3.3.0)
    byebug (11.1.3)
    capybara (3.40.0)
      addressable
      matrix
      mini_mime (>= 0.1.3)
      nokogiri (~> 1.11)
      rack (>= 1.6.0)
      rack-test (>= 0.6.3)
      regexp_parser (>= 1.5, < 3.0)
      xpath (~> 3.2)
    cbor (0.5.9.8)
    cgi (0.4.1)
    childprocess (5.1.0)
      logger (~> 1.5)
    chronic_duration (0.10.6)
      numerizer (~> 0.1.1)
    chunky_png (1.4.0)
    colorator (1.1.0)
    concurrent-ruby (1.3.4)
    connection_pool (2.4.1)
    cose (1.3.1)
      cbor (~> 0.5.9)
      openssl-signature_algorithm (~> 1.0)
    crack (1.0.0)
      bigdecimal
      rexml
    crass (1.0.6)
    css_parser (1.21.0)
      addressable
    csv (3.3.1)
    database_cleaner (2.1.0)
      database_cleaner-active_record (>= 2, < 3)
    database_cleaner-active_record (2.2.0)
      activerecord (>= 5.a)
      database_cleaner-core (~> 2.0.0)
    database_cleaner-core (2.0.1)
    date (3.4.1)
    debug (1.9.2)
      irb (~> 1.10)
      reline (>= 0.3.8)
    device_detector (1.1.3)
    docile (1.4.1)
    dotenv (3.1.6)
    drb (2.2.1)
    dry-cli (1.2.0)
    dry-initializer (3.1.1)
    em-websocket (0.5.3)
      eventmachine (>= 0.12.9)
      http_parser.rb (~> 0)
    email_validator (2.2.4)
      activemodel
    erubi (1.13.1)
    et-orbi (1.2.11)
      tzinfo
    eventmachine (1.2.7)
    faraday (2.12.2)
      faraday-net_http (>= 2.0, < 3.5)
      json
      logger
    faraday-follow_redirects (0.3.0)
      faraday (>= 1, < 3)
    faraday-net_http (3.4.0)
      net-http (>= 0.5.0)
    ffi (1.17.0-aarch64-linux-gnu)
    ffi (1.17.0-arm-linux-gnu)
    ffi (1.17.0-arm64-darwin)
    ffi (1.17.0-x86-linux-gnu)
    ffi (1.17.0-x86_64-darwin)
    ffi (1.17.0-x86_64-linux-gnu)
    fiber-storage (1.0.0)
    foreman (0.88.1)
    forwardable-extended (2.6.0)
    fugit (1.11.1)
      et-orbi (~> 1, >= 1.2.11)
      raabro (~> 1.4)
    fuzzyurl (0.9.0)
    geocoder (1.8.4)
      base64 (>= 0.1.0)
      csv (>= 3.0.0)
    globalid (1.2.1)
      activesupport (>= 6.1)
    google-protobuf (4.29.1)
      bigdecimal
      rake (>= 13)
    google-protobuf (4.29.1-aarch64-linux)
      bigdecimal
      rake (>= 13)
    google-protobuf (4.29.1-arm64-darwin)
      bigdecimal
      rake (>= 13)
    google-protobuf (4.29.1-x86-linux)
      bigdecimal
      rake (>= 13)
    google-protobuf (4.29.1-x86_64-darwin)
      bigdecimal
      rake (>= 13)
    google-protobuf (4.29.1-x86_64-linux)
      bigdecimal
      rake (>= 13)
    graphiql-rails (1.10.1)
      railties
    graphql (2.4.8)
      base64
      fiber-storage
    haml (6.3.0)
      temple (>= 0.8.2)
      thor
      tilt
    hashdiff (1.1.2)
    htmlentities (4.3.4)
    http_parser.rb (0.8.0)
    i18n (1.14.6)
      concurrent-ruby (~> 1.0)
    image_processing (1.13.0)
      mini_magick (>= 4.9.5, < 5)
      ruby-vips (>= 2.0.17, < 3)
    importmap-rails (2.0.3)
      actionpack (>= 6.0.0)
      activesupport (>= 6.0.0)
      railties (>= 6.0.0)
    io-console (0.8.0)
    irb (1.14.3)
      rdoc (>= 4.0.0)
      reline (>= 0.4.2)
    jekyll (4.3.4)
      addressable (~> 2.4)
      colorator (~> 1.0)
      em-websocket (~> 0.5)
      i18n (~> 1.0)
      jekyll-sass-converter (>= 2.0, < 4.0)
      jekyll-watch (~> 2.0)
      kramdown (~> 2.3, >= 2.3.1)
      kramdown-parser-gfm (~> 1.0)
      liquid (~> 4.0)
      mercenary (>= 0.3.6, < 0.5)
      pathutil (~> 0.9)
      rouge (>= 3.0, < 5.0)
      safe_yaml (~> 1.0)
      terminal-table (>= 1.8, < 4.0)
      webrick (~> 1.7)
    jekyll-feed (0.17.0)
      jekyll (>= 3.7, < 5.0)
    jekyll-postcss (0.5.0)
    jekyll-sass-converter (3.0.0)
      sass-embedded (~> 1.54)
    jekyll-toc (0.18.0)
      jekyll (>= 3.9)
      nokogiri (~> 1.12)
    jekyll-watch (2.2.1)
      listen (~> 3.0)
    json (2.9.0)
    json-jwt (1.16.7)
      activesupport (>= 4.2)
      aes_key_wrap
      base64
      bindata
      faraday (~> 2.0)
      faraday-follow_redirects
    jwt (2.9.3)
      base64
    kramdown (2.5.1)
      rexml (>= 3.3.9)
    kramdown-parser-gfm (1.1.0)
      kramdown (~> 2.0)
    language_server-protocol (3.17.0.3)
    launchy (3.0.1)
      addressable (~> 2.8)
      childprocess (~> 5.0)
    letter_opener (1.10.0)
      launchy (>= 2.2, < 4)
    liquid (4.0.4)
    listen (3.9.0)
      rb-fsevent (~> 0.10, >= 0.10.3)
      rb-inotify (~> 0.9, >= 0.9.10)
    logger (1.6.4)
    loofah (2.23.1)
      crass (~> 1.0.2)
      nokogiri (>= 1.12.0)
    mail (2.8.1)
      mini_mime (>= 0.1.1)
      net-imap
      net-pop
      net-smtp
    marcel (1.0.4)
    matrix (0.4.2)
    mercenary (0.4.0)
    mini_magick (4.13.2)
    mini_mime (1.1.5)
    minitest (5.25.4)
    mission_control-jobs (1.0.1)
      actioncable (>= 7.1)
      actionpack (>= 7.1)
      activejob (>= 7.1)
      activerecord (>= 7.1)
      importmap-rails (>= 1.2.1)
      irb (~> 1.13)
      railties (>= 7.1)
      stimulus-rails
      turbo-rails
    msgpack (1.7.5)
    multi_json (1.15.0)
    mutex_m (0.3.0)
    net-http (0.6.0)
      uri
    net-imap (0.5.2)
      date
      net-protocol
    net-pop (0.1.2)
      net-protocol
    net-protocol (0.2.2)
      timeout
    net-smtp (0.5.0)
      net-protocol
    newrelic_rpm (9.16.1)
    nio4r (2.7.4)
    nokogiri (1.17.2-aarch64-linux)
      racc (~> 1.4)
    nokogiri (1.17.2-arm-linux)
      racc (~> 1.4)
    nokogiri (1.17.2-arm64-darwin)
      racc (~> 1.4)
    nokogiri (1.17.2-x86-linux)
      racc (~> 1.4)
    nokogiri (1.17.2-x86_64-darwin)
      racc (~> 1.4)
    nokogiri (1.17.2-x86_64-linux)
      racc (~> 1.4)
    numerizer (0.1.1)
    openid_connect (2.3.1)
      activemodel
      attr_required (>= 1.0.0)
      email_validator
      faraday (~> 2.0)
      faraday-follow_redirects
      json-jwt (>= 1.16)
      mail
      rack-oauth2 (~> 2.2)
      swd (~> 2.0)
      tzinfo
      validate_url
      webfinger (~> 2.0)
    openssl (3.2.0)
    openssl-signature_algorithm (1.3.0)
      openssl (> 2.0)
    ostruct (0.6.1)
    parallel (1.26.3)
    parser (3.3.6.0)
      ast (~> 2.4.1)
      racc
    pathutil (0.16.2)
      forwardable-extended (~> 2.6)
    pg (1.5.9)
    phonelib (0.10.3)
    premailer (1.27.0)
      addressable
      css_parser (>= 1.19.0)
      htmlentities (>= 4.0.0)
    premailer-rails (1.12.0)
      actionmailer (>= 3)
      net-smtp
      premailer (~> 1.7, >= 1.7.9)
    prettier_print (1.2.1)
    prometheus-client-mmap (1.1.1)
      rb_sys (~> 0.9.86)
    prometheus-client-mmap (1.1.1-aarch64-linux)
      rb_sys (~> 0.9.86)
    prometheus-client-mmap (1.1.1-arm64-darwin)
      rb_sys (~> 0.9.86)
    prometheus-client-mmap (1.1.1-x86_64-darwin)
      rb_sys (~> 0.9.86)
    prometheus-client-mmap (1.1.1-x86_64-linux)
      rb_sys (~> 0.9.86)
    propshaft (1.1.0)
      actionpack (>= 7.0.0)
      activesupport (>= 7.0.0)
      rack
      railties (>= 7.0.0)
    psych (5.2.2)
      date
      stringio
    public_suffix (6.0.1)
    puma (6.5.0)
      nio4r (~> 2.0)
    raabro (1.4.0)
    racc (1.8.1)
    rack (3.1.8)
    rack-cors (2.0.2)
      rack (>= 2.0.0)
    rack-oauth2 (2.2.1)
      activesupport
      attr_required
      faraday (~> 2.0)
      faraday-follow_redirects
      json-jwt (>= 1.11.0)
      rack (>= 2.1.0)
    rack-proxy (0.7.7)
      rack
    rack-session (2.0.0)
      rack (>= 3.0.0)
    rack-test (2.1.0)
      rack (>= 1.3)
    rackup (2.2.1)
      rack (>= 3)
    rails (8.0.1)
      actioncable (= 8.0.1)
      actionmailbox (= 8.0.1)
      actionmailer (= 8.0.1)
      actionpack (= 8.0.1)
      actiontext (= 8.0.1)
      actionview (= 8.0.1)
      activejob (= 8.0.1)
      activemodel (= 8.0.1)
      activerecord (= 8.0.1)
      activestorage (= 8.0.1)
      activesupport (= 8.0.1)
      bundler (>= 1.15.0)
      railties (= 8.0.1)
    rails-dom-testing (2.2.0)
      activesupport (>= 5.0.0)
      minitest
      nokogiri (>= 1.6)
    rails-html-sanitizer (1.6.2)
      loofah (~> 2.21)
      nokogiri (>= 1.15.7, != 1.16.7, != 1.16.6, != 1.16.5, != 1.16.4, != 1.16.3, != 1.16.2, != 1.16.1, != 1.16.0.rc1, != 1.16.0)
    railties (8.0.1)
      actionpack (= 8.0.1)
      activesupport (= 8.0.1)
      irb (~> 1.13)
      rackup (>= 1.0.0)
      rake (>= 12.2)
      thor (~> 1.0, >= 1.2.2)
      zeitwerk (~> 2.6)
    rainbow (3.1.1)
    rake (13.2.1)
    rb-fsevent (0.11.2)
    rb-inotify (0.11.1)
      ffi (~> 1.0)
    rb_sys (0.9.103)
    rbs (3.7.0)
      logger
    rdoc (6.10.0)
      psych (>= 4.0.0)
    recursive-open-struct (2.0.0)
      ostruct
    regexp_parser (2.9.3)
    reline (0.6.0)
      io-console (~> 0.5)
    rexml (3.4.0)
    rotp (6.3.0)
    rouge (4.5.1)
    rqrcode (2.2.0)
      chunky_png (~> 1.0)
      rqrcode_core (~> 1.0)
    rqrcode_core (1.2.0)
    rubocop (1.69.2)
      json (~> 2.3)
      language_server-protocol (>= 3.17.0)
      parallel (~> 1.10)
      parser (>= 3.3.0.2)
      rainbow (>= 2.2.2, < 4.0)
      regexp_parser (>= 2.9.3, < 3.0)
      rubocop-ast (>= 1.36.2, < 2.0)
      ruby-progressbar (~> 1.7)
      unicode-display_width (>= 2.4.0, < 4.0)
    rubocop-ast (1.37.0)
      parser (>= 3.3.1.0)
    rubocop-minitest (0.36.0)
      rubocop (>= 1.61, < 2.0)
      rubocop-ast (>= 1.31.1, < 2.0)
    rubocop-performance (1.23.0)
      rubocop (>= 1.48.1, < 2.0)
      rubocop-ast (>= 1.31.1, < 2.0)
    rubocop-rails (2.27.0)
      activesupport (>= 4.2.0)
      rack (>= 1.1)
      rubocop (>= 1.52.0, < 2.0)
      rubocop-ast (>= 1.31.1, < 2.0)
    rubocop-rails-omakase (1.0.0)
      rubocop
      rubocop-minitest
      rubocop-performance
      rubocop-rails
    ruby-next-core (1.0.3)
    ruby-progressbar (1.13.0)
    ruby-vips (2.2.2)
      ffi (~> 1.12)
      logger
    rubyzip (2.3.2)
    safe_yaml (1.0.5)
    safety_net_attestation (0.4.0)
      jwt (~> 2.0)
    sass-embedded (1.83.0-aarch64-linux-gnu)
      google-protobuf (~> 4.28)
    sass-embedded (1.83.0-arm-linux-gnueabihf)
      google-protobuf (~> 4.28)
    sass-embedded (1.83.0-arm64-darwin)
      google-protobuf (~> 4.28)
    sass-embedded (1.83.0-x86-linux-gnu)
      google-protobuf (~> 4.28)
    sass-embedded (1.83.0-x86_64-darwin)
      google-protobuf (~> 4.28)
    sass-embedded (1.83.0-x86_64-linux-gnu)
      google-protobuf (~> 4.28)
    securerandom (0.4.1)
    selenium-webdriver (4.27.0)
      base64 (~> 0.2)
      logger (~> 1.4)
      rexml (~> 3.2, >= 3.2.5)
      rubyzip (>= 1.2.2, < 3.0)
      websocket (~> 1.0)
    sentry-rails (5.22.1)
      railties (>= 5.0)
      sentry-ruby (~> 5.22.1)
    sentry-ruby (5.22.1)
      bigdecimal
      concurrent-ruby (~> 1.0, >= 1.0.2)
    simplecov (0.22.0)
      docile (~> 1.1)
      simplecov-html (~> 0.11)
      simplecov_json_formatter (~> 0.1)
    simplecov-cobertura (2.1.0)
      rexml
      simplecov (~> 0.19)
    simplecov-html (0.13.1)
    simplecov_json_formatter (0.1.4)
    simpleidn (0.2.3)
    sniffer (0.5.0)
      anyway_config (>= 1.0)
      dry-initializer (~> 3)
    solid_cable (3.0.5)
      actioncable (>= 7.2)
      activejob (>= 7.2)
      activerecord (>= 7.2)
      railties (>= 7.2)
    solid_cache (1.0.6)
      activejob (>= 7.2)
      activerecord (>= 7.2)
      railties (>= 7.2)
    solid_queue (1.1.0)
      activejob (>= 7.1)
      activerecord (>= 7.1)
      concurrent-ruby (>= 1.3.1)
      fugit (~> 1.11.0)
      railties (>= 7.1)
      thor (~> 1.3.1)
    sqlite3 (2.4.1-aarch64-linux-gnu)
    sqlite3 (2.4.1-arm-linux-gnu)
    sqlite3 (2.4.1-arm64-darwin)
    sqlite3 (2.4.1-x86-linux-gnu)
    sqlite3 (2.4.1-x86_64-darwin)
    sqlite3 (2.4.1-x86_64-linux-gnu)
    stackprof (0.2.26)
    stimulus-rails (1.3.4)
      railties (>= 6.0.0)
    stringio (3.1.2)
    swd (2.0.3)
      activesupport (>= 3)
      attr_required (>= 0.0.5)
      faraday (~> 2.0)
      faraday-follow_redirects
    syntax_tree (6.2.0)
      prettier_print (>= 1.2.0)
    syntax_tree-haml (4.0.3)
      haml (>= 5.2)
      prettier_print (>= 1.2.1)
      syntax_tree (>= 6.0.0)
    syntax_tree-rbs (1.0.0)
      prettier_print
      rbs
      syntax_tree (>= 2.0.1)
    temple (0.10.3)
    terminal-table (3.0.2)
      unicode-display_width (>= 1.1.1, < 3)
    thor (1.3.2)
    tilt (2.4.0)
    timeout (0.4.3)
    tpm-key_attestation (0.12.1)
      bindata (~> 2.4)
      openssl (> 2.0)
      openssl-signature_algorithm (~> 1.0)
    turbo-rails (2.0.11)
      actionpack (>= 6.0.0)
      railties (>= 6.0.0)
    twilio-ruby (7.4.0)
      faraday (>= 0.9, < 3.0)
      jwt (>= 1.5, < 3.0)
      nokogiri (>= 1.6, < 2.0)
    tzinfo (2.0.6)
      concurrent-ruby (~> 1.0)
    ulid (1.4.0)
    unicode-display_width (2.6.0)
    uri (1.0.2)
    useragent (0.16.11)
    valid_email (0.2.1)
      activemodel
      mail (>= 2.6.1)
      simpleidn
    validate_url (1.0.15)
      activemodel (>= 3.0.0)
      public_suffix
    validates_host (1.3.0)
      activemodel (>= 3.0.0)
    vcr (6.3.1)
      base64
    vite_rails (3.0.19)
      railties (>= 5.1, < 9)
      vite_ruby (~> 3.0, >= 3.2.2)
    vite_ruby (3.9.1)
      dry-cli (>= 0.7, < 2)
      logger (~> 1.6)
      mutex_m
      rack-proxy (~> 0.6, >= 0.6.1)
      zeitwerk (~> 2.2)
    web-console (4.2.1)
      actionview (>= 6.0.0)
      activemodel (>= 6.0.0)
      bindex (>= 0.4.0)
      railties (>= 6.0.0)
    webauthn (3.2.2)
      android_key_attestation (~> 0.3.0)
      bindata (~> 2.4)
      cbor (~> 0.5.9)
      cose (~> 1.1)
      openssl (>= 2.2)
      safety_net_attestation (~> 0.4.0)
      tpm-key_attestation (~> 0.12.0)
    webfinger (2.1.3)
      activesupport
      faraday (~> 2.0)
      faraday-follow_redirects
    webmock (3.24.0)
      addressable (>= 2.8.0)
      crack (>= 0.3.2)
      hashdiff (>= 0.4.0, < 2.0.0)
    webrick (1.9.1)
    websocket (1.2.11)
    websocket-driver (0.7.6)
      websocket-extensions (>= 0.1.0)
    websocket-extensions (0.1.5)
    xpath (3.2.0)
      nokogiri (~> 1.8)
    yabeda (0.13.1)
      anyway_config (>= 1.0, < 3)
      concurrent-ruby
      dry-initializer
    yabeda-activejob (0.6.0)
      rails (>= 6.1)
      yabeda (~> 0.6)
    yabeda-activerecord (0.1.1)
      activerecord (>= 6.0)
      yabeda (~> 0.6)
    yabeda-graphql (0.2.3)
      graphql (>= 1.9, < 3)
      yabeda (~> 0.2)
    yabeda-http_requests (0.2.1)
      sniffer
      yabeda
    yabeda-prometheus-mmap (0.4.0)
      prometheus-client-mmap
      yabeda (~> 0.10)
    yabeda-puma-plugin (0.7.1)
      json
      puma
      yabeda (~> 0.5)
    yabeda-rails (0.9.0)
      activesupport
      anyway_config (>= 1.3, < 3)
      railties
      yabeda (~> 0.8)
    yard (0.9.37)
    zeitwerk (2.7.1)

PLATFORMS
  aarch64-linux
  arm-linux
  arm64-darwin
  x86-linux
  x86_64-darwin
  x86_64-linux

DEPENDENCIES
  activerecord-session_store (~> 2.1)
  apollo_upload_server (~> 2.1)
  bcrypt (~> 3.1)
  bootsnap
  brakeman
  byebug (~> 11.1)
  capybara
  chronic_duration (~> 0.10.6)
  csv (~> 3.3)
  database_cleaner (~> 2.1)
  database_cleaner-active_record (~> 2.2)
  debug
  device_detector (~> 1.1)
  dotenv
  fido_metadata!
  foreman (~> 0.88.1)
  fuzzyurl (~> 0.9.0)
  geocoder (~> 1.8)
  graphiql-rails
  graphql (~> 2.4)
  image_processing (~> 1.13)
  jekyll (~> 4.3)
  jekyll-feed (~> 0.12)
  jekyll-postcss
  jekyll-toc (~> 0.18.0)
  letter_opener (~> 1.10)
  mission_control-jobs (~> 1.0)
  newrelic_rpm
  openid_connect (~> 2.3)
  pg (~> 1.1)
  phonelib (~> 0.10.3)
  premailer-rails (~> 1.12)
  prettier_print (~> 1.2)
  propshaft (~> 1.1)
  puma (>= 5.0)
  rack-cors (~> 2.0)
  rails (~> 8.0.1)
  recursive-open-struct (~> 2.0)
  rotp (~> 6.3)
  rqrcode (~> 2.2)
  rubocop-rails-omakase
  selenium-webdriver
  sentry-rails
  sentry-ruby
  simplecov (~> 0.22.0)
  simplecov-cobertura (~> 2.1)
  solid_cable (~> 3.0)
  solid_cache (~> 1.0)
  solid_queue (~> 1.1)
  sqlite3 (~> 2.4)
  stackprof
  syntax_tree (~> 6.2)
  syntax_tree-haml (~> 4.0)
  syntax_tree-rbs (~> 1.0)
  twilio-ruby (~> 7.4)
  tzinfo-data
  ulid (~> 1.4)
  valid_email (~> 0.2.1)
  validate_url (~> 1.0)
  validates_host (~> 1.3)
  vcr (~> 6.3)
  vite_rails (~> 3.0)
  web-console
  webauthn (~> 3.1)
  webmock (~> 3.24)
  yabeda (~> 0.13.1)
  yabeda-activejob (~> 0.6.0)
  yabeda-activerecord (~> 0.1.1)
  yabeda-graphql (~> 0.2.3)
  yabeda-http_requests (~> 0.2.1)
  yabeda-prometheus-mmap (~> 0.4.0)
  yabeda-puma-plugin (~> 0.7.1)
  yabeda-rails (~> 0.9.0)
  yard (~> 0.9.36)

BUNDLED WITH
   2.5.18
